GEM
  remote: http://rubygems.org/
  specs:
    daemons (1.1.8)
    eventmachine (0.12.10)
    haml (3.1.6)
    rack (1.4.1)
    sass (3.1.19)
    thin (1.3.1)
      daemons (>= 1.0.9)
      eventmachine (>= 0.12.6)
      rack (>= 1.0.0)

PLATFORMS
  ruby

DEPENDENCIES
  haml
  sass
  thin
